GEM
  remote: https://rubygems.org/
  specs:
    concurrent-ruby (1.1.9)
    i18n (1.10.0)
      concurrent-ruby (~> 1.0)
    i18n-js (3.9.1)
      i18n (>= 0.6.6)

PLATFORMS
  arm64-darwin-21

DEPENDENCIES
  i18n-js

BUNDLED WITH
   2.3.7
